PATH
  remote: .
  specs:
    meta_enum (0.1.0)

GEM
  remote: https://rubygems.org/
  specs:
    coderay (1.1.2)
    method_source (0.9.0)
    minitest (5.11.1)
    pry (0.11.3)
      coderay (~> 1.1.0)
      method_source (~> 0.9.0)
    rake (10.4.2)

PLATFORMS
  ruby

DEPENDENCIES
  bundler (~> 1.16)
  meta_enum!
  minitest (~> 5.0)
  pry (~> 0.11.3)
  rake (~> 10.0)

BUNDLED WITH
   1.16.1
